GEM
  remote: https://rubygems.org/
  specs:
    rack (2.0.8)

PLATFORMS
  ruby
  x64-mingw32

DEPENDENCIES
  rack (~> 2.0.8)

BUNDLED WITH
   1.16.0
