GEM
  remote: https://rubygems.org/
  specs:
    rack (2.0.3)

PLATFORMS
  x64-mingw32

DEPENDENCIES
  rack (~> 2.0.1)

BUNDLED WITH
   1.16.0
