GEM
  remote: https://rubygems.org/
  specs:
    rack (2.1.4)

PLATFORMS
  ruby
  x64-mingw32

DEPENDENCIES
  rack (~> 2.1.4)

BUNDLED WITH
   1.16.0
